GEM
  remote: https://rubygems.org/
  specs:
    coderay (1.1.0)
    crack (0.4.3)
      safe_yaml (~> 1.0.0)
    diff-lcs (1.2.5)
    faraday (0.9.2)
      multipart-post (>= 1.2, < 3)
    git (1.3.0)
    jasmine (2.5.1)
      jasmine-core (>= 2.5.1, < 3.0.0)
      phantomjs
      rack (>= 1.2.1)
      rake
    jasmine-core (2.5.2)
    learn-co (1.0.4)
      crack
      faraday (~> 0.9)
      git (~> 1.2)
      jasmine
      netrc
      oj (~> 2.9)
      rspec (~> 3.0)
    method_source (0.8.2)
    multipart-post (2.0.0)
    netrc (0.11.0)
    oj (2.17.5)
    phantomjs (2.1.1.0)
    pry (0.10.3)
      coderay (~> 1.1.0)
      method_source (~> 0.8.1)
      slop (~> 3.4)
    rack (2.0.1)
    rake (11.3.0)
    require_all (1.3.3)
    rspec (3.3.0)
      rspec-core (~> 3.3.0)
      rspec-expectations (~> 3.3.0)
      rspec-mocks (~> 3.3.0)
    rspec-core (3.3.2)
      rspec-support (~> 3.3.0)
    rspec-expectations (3.3.1)
      diff-lcs (>= 1.2.0, < 2.0)
      rspec-support (~> 3.3.0)
    rspec-mocks (3.3.2)
      diff-lcs (>= 1.2.0, < 2.0)
      rspec-support (~> 3.3.0)
    rspec-support (3.3.0)
    safe_yaml (1.0.4)
    slop (3.6.0)

PLATFORMS
  ruby

DEPENDENCIES
  learn-co (~> 1.0, >= 1.0.4)
  pry
  require_all
  rspec

BUNDLED WITH
   1.13.0
