GEM
  remote: https://rubygems.org/
  specs:
    childprocess (0.5.9)
      ffi (~> 1.0, >= 1.0.11)
    coderay (1.1.1)
    colorize (0.7.7)
    crack (0.4.3)
      safe_yaml (~> 1.0.0)
    diff-lcs (1.2.5)
    faraday (0.9.2)
      multipart-post (>= 1.2, < 3)
    ffi (1.9.10)
    git (1.3.0)
    jasmine (2.4.0)
      jasmine-core (~> 2.4)
      phantomjs
      rack (>= 1.2.1)
      rake
    jasmine-core (2.4.1)
    learn-co (3.5.4)
      learn-config (>= 1.0.76)
      learn-doctor (>= 1.0.3)
      learn-generate (>= 1.0.16)
      learn-hello (>= 1.0.1)
      learn-open (>= 1.1.59)
      learn-status (>= 1.0.1)
      learn-submit (>= 1.1.7)
      learn-test (>= 2.3.3)
      learn_linter (>= 1.6.0)
      netrc (>= 0.11.0)
      thor (>= 0.19.1)
    learn-config (1.0.76)
      learn-web (>= 1.1.0)
      netrc
    learn-doctor (1.0.3)
      colorize
      faraday (~> 0.9)
      learn-web (>= 1.1.0)
      netrc
    learn-generate (1.0.16)
    learn-hello (1.0.1)
      learn-web (>= 1.4.1)
      netrc
    learn-open (1.1.59)
      git
      learn-web (>= 1.4.2)
      netrc
    learn-status (1.0.1)
      colorize
      learn-web (>= 1.2.0)
      netrc
    learn-submit (1.1.7)
      git (~> 1.2)
      learn-web (>= 1.4.2)
      netrc
    learn-test (2.3.3)
      colorize
      crack
      faraday (~> 0.9)
      git (~> 1.2)
      jasmine
      netrc
      oj (~> 2.9)
      rainbow (= 1.99.2)
      rspec (~> 3.0)
      selenium-webdriver (~> 2.52.0)
      webrick (~> 1.3.1)
    learn-web (1.4.2)
      faraday (~> 0.9)
      oj (~> 2.9)
    learn_linter (1.7.3)
    method_source (0.8.2)
    multi_json (1.12.1)
    multipart-post (2.0.0)
    netrc (0.11.0)
    oj (2.15.1)
    phantomjs (2.1.1.0)
    pry (0.10.3)
      coderay (~> 1.1.0)
      method_source (~> 0.8.1)
      slop (~> 3.4)
    rack (1.6.4)
    rainbow (1.99.2)
    rake (11.1.2)
    require_all (1.3.3)
    rspec (3.4.0)
      rspec-core (~> 3.4.0)
      rspec-expectations (~> 3.4.0)
      rspec-mocks (~> 3.4.0)
    rspec-core (3.4.4)
      rspec-support (~> 3.4.0)
    rspec-expectations (3.4.0)
      diff-lcs (>= 1.2.0, < 2.0)
      rspec-support (~> 3.4.0)
    rspec-mocks (3.4.1)
      diff-lcs (>= 1.2.0, < 2.0)
      rspec-support (~> 3.4.0)
    rspec-support (3.4.1)
    rubyzip (1.2.0)
    safe_yaml (1.0.4)
    selenium-webdriver (2.52.0)
      childprocess (~> 0.5)
      multi_json (~> 1.0)
      rubyzip (~> 1.0)
      websocket (~> 1.0)
    slop (3.6.0)
    thor (0.19.1)
    webrick (1.3.1)
    websocket (1.2.3)

PLATFORMS
  ruby

DEPENDENCIES
  learn-co
  pry
  require_all
  rspec

BUNDLED WITH
   1.12.5
